GEM
  remote: http://rubygems.org/
  specs:
    rake (0.9.2)
    test-spec (0.10.0)

PLATFORMS
  ruby

DEPENDENCIES
  rake
  test-spec
