GEM
  remote: http://rubygems.org/
  specs:
    test-spec (0.10.0)

PLATFORMS
  ruby

DEPENDENCIES
  test-spec
