GEM
  remote: http://rubygems.org/
  specs:
    hoe (2.11.0)
      rake (~> 0.8)
    rake (0.9.2)
    test-spec (0.10.0)
    test-unit (1.2.3)
      hoe (>= 1.5.1)

PLATFORMS
  ruby

DEPENDENCIES
  rake
  test-spec
  test-unit (= 1.2.3)
